GEM
  remote: https://rubygems.org/
  specs:
    addressable (2.4.0)
    faraday (0.9.2)
      multipart-post (>= 1.2, < 3)
    multipart-post (2.0.0)
    octokit (4.3.0)
      sawyer (~> 0.7.0, >= 0.5.3)
    rufus-scheduler (3.2.2)
    sawyer (0.7.0)
      addressable (>= 2.3.5, < 2.5)
      faraday (~> 0.8, < 0.10)
    slack-notifier (1.5.1)

PLATFORMS
  ruby

DEPENDENCIES
  octokit
  rufus-scheduler
  slack-notifier

BUNDLED WITH
   1.13.1
